GIT
  remote: git://github.com/infinitered/bluepotion.git
  revision: 417471bec5c087c4ac473ffac125afca8194796f
  specs:
    bluepotion (0.1.5)

GEM
  remote: https://rubygems.org/
  specs:
    moran (0.5)
      motion-gradle
    motion-async (0.6)
    motion-gradle (1.3.0)
    newclear (1.3)
      reset-sim
    rake (10.4.2)
    reset-sim (1.0)

PLATFORMS
  ruby

DEPENDENCIES
  bluepotion!
  moran
  motion-async
  motion-gradle
  newclear
  rake
